GEM
  specs:
    echowrap (0.1.2)
      faraday (~> 0.9.0)
      multi_json (~> 1.8.0)
      simple_oauth (~> 0.2)
    faraday (0.9.0)
      multipart-post (>= 1.2, < 3)
    multi_json (1.8.4)
    multipart-post (1.2.0)
    rack (1.5.2)
    rack-protection (1.5.2)
      rack
    shotgun (0.9)
      rack (>= 1.0)
    simple_oauth (0.2.0)
    sinatra (1.4.4)
      rack (~> 1.4)
      rack-protection (~> 1.4)
      tilt (~> 1.3, >= 1.3.4)
    tilt (1.4.1)

PLATFORMS
  ruby

DEPENDENCIES
  echowrap
  shotgun
  sinatra
