GIT
  remote: https://github.com/MattNewberry/gracenote
  revision: ed70979928e8d92158f9e55bdfef6ec29b28725c
  specs:
    gracenote (2.0.0)
      crack
      curb

GEM
  remote: https://rubygems.org/
  specs:
    backports (3.6.0)
    crack (0.4.2)
      safe_yaml (~> 1.0.0)
    curb (0.8.5)
    multi_json (1.9.0)
    rack (1.5.2)
    rack-protection (1.5.2)
      rack
    rack-test (0.6.2)
      rack (>= 1.0)
    safe_yaml (1.0.1)
    shotgun (0.9)
      rack (>= 1.0)
    sinatra (1.4.4)
      rack (~> 1.4)
      rack-protection (~> 1.4)
      tilt (~> 1.3, >= 1.3.4)
    sinatra-contrib (1.4.2)
      backports (>= 2.0)
      multi_json
      rack-protection
      rack-test
      sinatra (~> 1.4.0)
      tilt (~> 1.3)
    sinatra-initializers (0.1.4)
    tilt (1.4.1)

PLATFORMS
  ruby

DEPENDENCIES
  gracenote!
  shotgun
  sinatra
  sinatra-contrib
  sinatra-initializers
